GIT
  remote: git://github.com/nanoc/nanoc-breadcrumbs.git
  revision: 965287acc4a5f85fbe52b7ebc94d1663c29eeff8
  specs:
    nanoc-breadcrumbs (1.0.0)
      nanoc-core

GIT
  remote: git://github.com/nanoc/nanoc-capturing.git
  revision: dafb0d1567ab17c346c24853374cefc85a4d28d0
  specs:
    nanoc-capturing (1.0.0)
      nanoc-core

GIT
  remote: git://github.com/nanoc/nanoc-checking.git
  revision: 1087df9a705476f3e5d3dde8e64a44e242312d6b
  specs:
    nanoc-checking (1.0.0)
      colored
      nanoc-cli
      nanoc-core
      nokogiri
      w3c_validators

GIT
  remote: git://github.com/nanoc/nanoc-colorize_syntax.git
  revision: 2dc676eeaa60327705cdbedd0b0e97eb0ebd7318
  specs:
    nanoc-colorize_syntax (1.0.0)
      nanoc-core
      nokogiri

GIT
  remote: git://github.com/nanoc/nanoc-deploying.git
  revision: c987f3a85b9fb1da3571f7f386fa1bf7ebcfcc49
  specs:
    nanoc-deploying (1.0.0)
      ddplugin
      fog
      nanoc-checking
      nanoc-cli
      nanoc-core
      systemu

GIT
  remote: git://github.com/nanoc/nanoc-escaping.git
  revision: df64257bbf4673cc59a1b78b3ba9d18d39ab1627
  specs:
    nanoc-escaping (1.0.0)
      nanoc-capturing
      nanoc-core

GIT
  remote: git://github.com/nanoc/nanoc-filtering.git
  revision: c1b906a2b6c80ece2735237c42c0a6045a368763
  specs:
    nanoc-filtering (1.0.0)
      nanoc-capturing
      nanoc-core

GIT
  remote: git://github.com/nanoc/nanoc-kramdown.git
  revision: 44e4a3b713a71e30507e69a22b7f8cf1edc50f37
  specs:
    nanoc-kramdown (1.0.0)
      kramdown
      nanoc-core

GIT
  remote: git://github.com/nanoc/nanoc-linking.git
  revision: deaf9d5bf01e30dec69bbf778f74dbeb5f71c4b7
  specs:
    nanoc-linking (1.0.0)
      nanoc-core
      nanoc-escaping

GIT
  remote: git://github.com/nanoc/nanoc-rainpress.git
  revision: 64706153b91bcd95c3f4174a43672d2f82b12dcd
  specs:
    nanoc-rainpress (1.0.0)
      nanoc-core
      rainpress

GIT
  remote: git://github.com/nanoc/nanoc-relativize_paths.git
  revision: 342b071e1205650d24b991b61430300ef6ec3da8
  specs:
    nanoc-relativize_paths (1.0.0)
      nanoc-core
      nanoc-linking
      nokogiri

GIT
  remote: git://github.com/nanoc/nanoc-rendering.git
  revision: 2ef7769bc90b1afd6f4e1fe8a633ec68cea89a89
  specs:
    nanoc-rendering (1.0.0)
      nanoc-capturing
      nanoc-core

GIT
  remote: git://github.com/nanoc/nanoc-sass.git
  revision: eba233dab2512ac2766c654ac6c1e7df38f1a6bd
  specs:
    nanoc-sass (1.0.0)
      nanoc-core
      sass

GIT
  remote: git://github.com/nanoc/nanoc-xml_sitemap.git
  revision: de5386a58c8da2dd7d097c7306545bb6a07951dc
  specs:
    nanoc-xml_sitemap (1.0.0)
      builder
      nanoc-core

PATH
  remote: ~/Documents/Development/nanoc/repos/nanoc-cli
  specs:
    nanoc-cli (4.0.0a1)
      cri (~> 2.3)
      nanoc-core (~> 4.0.0a1)

PATH
  remote: ~/Documents/Development/nanoc/repos/nanoc-core
  specs:
    nanoc-core (4.0.0a1)
      ddplugin

GEM
  remote: https://rubygems.org/
  specs:
    adsf (1.2.0)
      rack (>= 1.0.0)
    builder (3.2.2)
    chunky_png (1.3.0)
    coderay (1.1.0)
    colored (1.2)
    compass (0.12.5)
      chunky_png (~> 1.2)
      fssm (>= 0.2.7)
      sass (~> 3.2.19)
    cri (2.6.0)
      colored (~> 1.2)
    ddplugin (0.1)
    excon (0.33.0)
    fog (1.22.0)
      fog-brightbox
      fog-core (~> 1.21, >= 1.21.1)
      fog-json
      nokogiri (~> 1.5, >= 1.5.11)
    fog-brightbox (0.0.2)
      fog-core
      fog-json
    fog-core (1.22.0)
      builder
      excon (~> 0.33)
      formatador (~> 0.2)
      mime-types
      net-scp (~> 1.1)
      net-ssh (>= 2.1.3)
    fog-json (1.0.0)
      multi_json (~> 1.0)
    formatador (0.2.4)
    fssm (0.2.10)
    haml (4.0.5)
      tilt
    html5small (0.3.0)
      htmlentities (>= 4.1.0)
      nokogiri (>= 1.5.0)
    htmlentities (4.3.1)
    json (1.8.1)
    kramdown (1.3.3)
    mime-types (2.2)
    mini_portile (0.5.3)
    multi_json (1.9.2)
    net-scp (1.2.0)
      net-ssh (>= 2.6.5)
    net-ssh (2.8.0)
    nokogiri (1.6.1)
      mini_portile (~> 0.5.0)
    rack (1.5.2)
    rainpress (1.0)
    rubypants (0.2.0)
    sass (3.2.19)
    susy (1.0.9)
      compass (>= 0.12.2)
      sass (>= 3.2.0)
    systemu (2.6.4)
    tilt (2.0.1)
    w3c_validators (1.2)
      json
      nokogiri
    yard (0.8.7.4)

PLATFORMS
  ruby

DEPENDENCIES
  adsf
  builder
  coderay
  compass
  haml
  html5small
  kramdown
  nanoc-breadcrumbs!
  nanoc-capturing!
  nanoc-checking!
  nanoc-cli!
  nanoc-colorize_syntax!
  nanoc-core!
  nanoc-deploying!
  nanoc-escaping!
  nanoc-filtering!
  nanoc-kramdown!
  nanoc-linking!
  nanoc-rainpress!
  nanoc-relativize_paths!
  nanoc-rendering!
  nanoc-sass!
  nanoc-xml_sitemap!
  nokogiri
  rainpress
  rubypants
  sass (~> 3.2.13)
  susy
  systemu
  yard
