GIT
  remote: git://github.com/ddfreyne/d-mark.git
  revision: c1a9acb42a1276649ef03fe849de533b89b63e21
  specs:
    d-mark (0.2.0)
      treetop (~> 1.4)

GIT
  remote: git://github.com/nanoc/nanoc.git
  revision: 2024849b7ab9ecbf7a31bdd2a22e3d2d37405e0f
  branch: release-4.1.x
  specs:
    nanoc (4.1.3)
      cri (~> 2.3)

GEM
  remote: https://rubygems.org/
  specs:
    adsf (1.2.0)
      rack (>= 1.0.0)
    builder (3.2.2)
    chunky_png (1.3.5)
    coderay (1.1.0)
    colored (1.2)
    compass (0.12.7)
      chunky_png (~> 1.2)
      fssm (>= 0.2.7)
      sass (~> 3.2.19)
    cri (2.7.0)
      colored (~> 1.2)
    ffi (1.9.10)
    ffi-aspell (1.1.0)
      ffi
    formatador (0.2.5)
    fssm (0.2.10)
    guard (2.13.0)
      formatador (>= 0.2.4)
      listen (>= 2.7, <= 4.0)
      lumberjack (~> 1.0)
      nenv (~> 0.1)
      notiffany (~> 0.0)
      pry (>= 0.9.12)
      shellany (~> 0.0)
      thor (>= 0.18.1)
    guard-compat (1.2.1)
    guard-nanoc (2.0.0)
      guard (~> 2.8)
      guard-compat (~> 1.0)
      nanoc (~> 4.0)
    haml (4.0.7)
      tilt
    htmlcompressor (0.3.0)
    json (1.8.3)
    kramdown (1.9.0)
    listen (3.0.5)
      rb-fsevent (>= 0.9.3)
      rb-inotify (>= 0.9)
    lumberjack (1.0.10)
    method_source (0.8.2)
    mini_portile2 (2.0.0)
    nenv (0.2.0)
    nokogiri (1.6.7.2)
      mini_portile2 (~> 2.0.0.rc2)
    notiffany (0.0.8)
      nenv (~> 0.1)
      shellany (~> 0.0)
    polyglot (0.3.5)
    pry (0.10.3)
      coderay (~> 1.1.0)
      method_source (~> 0.8.1)
      slop (~> 3.4)
    rack (1.6.4)
    rainpress (1.0)
    rake (10.5.0)
    rb-fsevent (0.9.7)
    rb-inotify (0.9.5)
      ffi (>= 0.5.0)
    rubypants (0.2.0)
    sass (3.2.19)
    shellany (0.0.1)
    slop (3.6.0)
    susy (1.0.9)
      compass (>= 0.12.2)
      sass (>= 3.2.0)
    systemu (2.6.5)
    thor (0.19.1)
    tilt (2.0.2)
    treetop (1.6.3)
      polyglot (~> 0.3)
    w3c_validators (1.2)
      json
      nokogiri
    yard (0.8.7.6)

PLATFORMS
  ruby

DEPENDENCIES
  adsf
  builder
  coderay
  compass
  d-mark!
  ffi-aspell
  guard-nanoc
  haml
  htmlcompressor
  kramdown
  nanoc!
  nokogiri
  rainpress
  rake
  rubypants
  sass (~> 3.2.13)
  susy
  systemu
  w3c_validators
  yard

BUNDLED WITH
   1.11.2
